GEM
  remote: https://rubygems.org/
  specs:
    actioncable (5.2.4.4)
      actionpack (= 5.2.4.4)
      nio4r (~> 2.0)
      websocket-driver (>= 0.6.1)
    actionmailer (5.2.4.4)
      actionpack (= 5.2.4.4)
      actionview (= 5.2.4.4)
      activejob (= 5.2.4.4)
      mail (~> 2.5, >= 2.5.4)
      rails-dom-testing (~> 2.0)
    actionpack (5.2.4.4)
      actionview (= 5.2.4.4)
      activesupport (= 5.2.4.4)
      rack (~> 2.0, >= 2.0.8)
      rack-test (>= 0.6.3)
      rails-dom-testing (~> 2.0)
      rails-html-sanitizer (~> 1.0, >= 1.0.2)
    actionview (5.2.4.4)
      activesupport (= 5.2.4.4)
      builder (~> 3.1)
      erubi (~> 1.4)
      rails-dom-testing (~> 2.0)
      rails-html-sanitizer (~> 1.0, >= 1.0.3)
    activeadmin (2.9.0)
      arbre (~> 1.2, >= 1.2.1)
      formtastic (>= 3.1, < 5.0)
      formtastic_i18n (~> 0.4)
      inherited_resources (~> 1.7)
      jquery-rails (~> 4.2)
      kaminari (~> 1.0, >= 1.2.1)
      railties (>= 5.2, < 6.2)
      ransack (~> 2.1, >= 2.1.1)
    activejob (5.2.4.4)
      activesupport (= 5.2.4.4)
      globalid (>= 0.3.6)
    activemodel (5.2.4.4)
      activesupport (= 5.2.4.4)
    activerecord (5.2.4.4)
      activemodel (= 5.2.4.4)
      activesupport (= 5.2.4.4)
      arel (>= 9.0)
    activestorage (5.2.4.4)
      actionpack (= 5.2.4.4)
      activerecord (= 5.2.4.4)
      marcel (~> 0.3.1)
    activesupport (5.2.4.4)
      concurrent-ruby (~> 1.0, >= 1.0.2)
      i18n (>= 0.7, < 2)
      minitest (~> 5.1)
      tzinfo (~> 1.1)
    addressable (2.7.0)
      public_suffix (>= 2.0.2, < 5.0)
    arbre (1.4.0)
      activesupport (>= 3.0.0, < 6.2)
      ruby2_keywords (>= 0.0.2, < 1.0)
    arel (9.0.0)
    bcrypt (3.1.16)
    bootsnap (1.7.3)
      msgpack (~> 1.0)
    builder (3.2.4)
    byebug (11.1.3)
    capybara (3.35.3)
      addressable
      mini_mime (>= 0.1.3)
      nokogiri (~> 1.8)
      rack (>= 1.6.0)
      rack-test (>= 0.6.3)
      regexp_parser (>= 1.5, < 3.0)
      xpath (~> 3.2)
    cliver (0.3.2)
    coderay (1.1.3)
    coffee-rails (5.0.0)
      coffee-script (>= 2.2.0)
      railties (>= 5.2.0)
    coffee-script (2.4.1)
      coffee-script-source
      execjs
    coffee-script-source (1.12.2)
    concurrent-ruby (1.1.8)
    crack (0.4.5)
      rexml
    crass (1.0.6)
    database_cleaner-active_record (2.0.0)
      activerecord (>= 5.a)
      database_cleaner-core (~> 2.0.0)
    database_cleaner-core (2.0.1)
    devise (4.7.3)
      bcrypt (~> 3.0)
      orm_adapter (~> 0.1)
      railties (>= 4.1.0)
      responders
      warden (~> 1.2.3)
    diff-lcs (1.4.4)
    dotenv (2.7.6)
    eco (1.0.0)
      coffee-script
      eco-source
      execjs
    eco-source (1.1.0.rc.1)
    erubi (1.10.0)
    execjs (2.7.0)
    factory_bot (6.1.0)
      activesupport (>= 5.0.0)
    factory_bot_rails (6.1.0)
      factory_bot (~> 6.1.0)
      railties (>= 5.0.0)
    ffi (1.15.0)
    formtastic (4.0.0)
      actionpack (>= 5.2.0)
    formtastic_i18n (0.6.0)
    globalid (0.4.2)
      activesupport (>= 4.2.0)
    has_scope (0.8.0)
      actionpack (>= 5.2)
      activesupport (>= 5.2)
    hashdiff (1.0.1)
    httparty (0.18.1)
      mime-types (~> 3.0)
      multi_xml (>= 0.5.2)
    i18n (1.8.10)
      concurrent-ruby (~> 1.0)
    inherited_resources (1.12.0)
      actionpack (>= 5.2, < 6.2)
      has_scope (~> 0.6)
      railties (>= 5.2, < 6.2)
      responders (>= 2, < 4)
    jquery-rails (4.4.0)
      rails-dom-testing (>= 1, < 3)
      railties (>= 4.2.0)
      thor (>= 0.14, < 2.0)
    json (2.5.1)
    kaminari (1.2.1)
      activesupport (>= 4.1.0)
      kaminari-actionview (= 1.2.1)
      kaminari-activerecord (= 1.2.1)
      kaminari-core (= 1.2.1)
    kaminari-actionview (1.2.1)
      actionview
      kaminari-core (= 1.2.1)
    kaminari-activerecord (1.2.1)
      activerecord
      kaminari-core (= 1.2.1)
    kaminari-core (1.2.1)
    listen (3.5.1)
      rb-fsevent (~> 0.10, >= 0.10.3)
      rb-inotify (~> 0.9, >= 0.9.10)
    loofah (2.9.1)
      crass (~> 1.0.2)
      nokogiri (>= 1.5.9)
    mail (2.7.1)
      mini_mime (>= 0.1.1)
    marcel (0.3.3)
      mimemagic (~> 0.3.2)
    method_source (1.0.0)
    mime-types (3.3.1)
      mime-types-data (~> 3.2015)
    mime-types-data (3.2021.0225)
    mimemagic (0.3.10)
      nokogiri (~> 1)
      rake
    mini_mime (1.1.0)
    mini_portile2 (2.5.0)
    minitest (5.14.4)
    msgpack (1.4.2)
    multi_xml (0.6.0)
    newrelic_rpm (6.15.0)
    nio4r (2.5.7)
    nokogiri (1.11.3)
      mini_portile2 (~> 2.5.0)
      racc (~> 1.4)
    oauth (0.5.6)
    orm_adapter (0.5.0)
    pg (1.2.3)
    poltergeist (1.18.1)
      capybara (>= 2.1, < 4)
      cliver (~> 0.3.1)
      websocket-driver (>= 0.2.0)
    pry (0.13.1)
      coderay (~> 1.1)
      method_source (~> 1.0)
    pry-byebug (3.9.0)
      byebug (~> 11.0)
      pry (~> 0.13.0)
    pry-rails (0.3.9)
      pry (>= 0.10.4)
    public_suffix (4.0.6)
    puma (5.2.2)
      nio4r (~> 2.0)
    racc (1.5.2)
    rack (2.2.3)
    rack-test (1.1.0)
      rack (>= 1.0, < 3)
    rails (5.2.4.4)
      actioncable (= 5.2.4.4)
      actionmailer (= 5.2.4.4)
      actionpack (= 5.2.4.4)
      actionview (= 5.2.4.4)
      activejob (= 5.2.4.4)
      activemodel (= 5.2.4.4)
      activerecord (= 5.2.4.4)
      activestorage (= 5.2.4.4)
      activesupport (= 5.2.4.4)
      bundler (>= 1.3.0)
      railties (= 5.2.4.4)
      sprockets-rails (>= 2.0.0)
    rails-dom-testing (2.0.3)
      activesupport (>= 4.2.0)
      nokogiri (>= 1.6)
    rails-html-sanitizer (1.3.0)
      loofah (~> 2.3)
    rails_12factor (0.0.3)
      rails_serve_static_assets
      rails_stdout_logging
    rails_serve_static_assets (0.0.5)
    rails_stdout_logging (0.0.5)
    railties (5.2.4.4)
      actionpack (= 5.2.4.4)
      activesupport (= 5.2.4.4)
      method_source
      rake (>= 0.8.7)
      thor (>= 0.19.0, < 2.0)
    rake (13.0.3)
    ransack (2.4.2)
      activerecord (>= 5.2.4)
      activesupport (>= 5.2.4)
      i18n
    rb-fsevent (0.10.4)
    rb-inotify (0.10.1)
      ffi (~> 1.0)
    regexp_parser (2.1.1)
    responders (3.0.1)
      actionpack (>= 5.0)
      railties (>= 5.0)
    rexml (3.2.5)
    rspec-core (3.10.1)
      rspec-support (~> 3.10.0)
    rspec-expectations (3.10.1)
      diff-lcs (>= 1.2.0, < 2.0)
      rspec-support (~> 3.10.0)
    rspec-mocks (3.10.2)
      diff-lcs (>= 1.2.0, < 2.0)
      rspec-support (~> 3.10.0)
    rspec-rails (5.0.1)
      actionpack (>= 5.2)
      activesupport (>= 5.2)
      railties (>= 5.2)
      rspec-core (~> 3.10)
      rspec-expectations (~> 3.10)
      rspec-mocks (~> 3.10)
      rspec-support (~> 3.10)
    rspec-support (3.10.2)
    ruby2_keywords (0.0.4)
    sass-rails (6.0.0)
      sassc-rails (~> 2.1, >= 2.1.1)
    sassc (2.4.0)
      ffi (~> 1.9)
    sassc-rails (2.1.2)
      railties (>= 4.0.0)
      sassc (>= 2.0)
      sprockets (> 3.0)
      sprockets-rails
      tilt
    spring (2.1.1)
    sprockets (4.0.2)
      concurrent-ruby (~> 1.0)
      rack (> 1, < 3)
    sprockets-rails (3.2.2)
      actionpack (>= 4.0)
      activesupport (>= 4.0)
      sprockets (>= 3.0.0)
    thor (1.1.0)
    thread_safe (0.3.6)
    tilt (2.0.10)
    tzinfo (1.2.9)
      thread_safe (~> 0.1)
    uglifier (4.2.0)
      execjs (>= 0.3.0, < 3)
    vcr (6.0.0)
    warden (1.2.9)
      rack (>= 2.0.9)
    webmock (3.12.2)
      addressable (>= 2.3.6)
      crack (>= 0.3.2)
      hashdiff (>= 0.4.0, < 2.0.0)
    websocket-driver (0.7.3)
      websocket-extensions (>= 0.1.0)
    websocket-extensions (0.1.5)
    xpath (3.2.0)
      nokogiri (~> 1.8)

PLATFORMS
  ruby

DEPENDENCIES
  activeadmin
  bootsnap
  byebug
  coffee-rails
  database_cleaner-active_record
  devise
  dotenv
  eco
  factory_bot_rails
  httparty
  jquery-rails
  json
  listen
  newrelic_rpm
  oauth
  pg
  poltergeist
  pry-byebug
  pry-rails
  puma
  rails (= 5.2.4.4)
  rails_12factor
  rake (>= 10)
  rspec-rails
  sass-rails
  spring
  sprockets-rails
  uglifier (>= 1.0.3)
  vcr
  webmock

RUBY VERSION
   ruby 2.7.2p137

BUNDLED WITH
   2.1.4
